GEM
  remote: https://rubygems.org/
  specs:
    minima (2.0.0)

PLATFORMS
  ruby

DEPENDENCIES
  minima (~> 2.0)

RUBY VERSION
   ruby 2.0.0p648

BUNDLED WITH
   1.13.6
